PATH
  remote: .
  specs:
    branch_cli (0.6.0)
      binding_of_caller
      formatador
      inquirer

GEM
  remote: https://rubygems.org/
  specs:
    binding_of_caller (0.7.2)
      debug_inspector (>= 0.0.1)
    coderay (1.1.1)
    debug_inspector (0.0.3)
    diff-lcs (1.3)
    formatador (0.2.5)
    inquirer (0.2.1)
      term-ansicolor (>= 1.2.2)
    method_source (0.8.2)
    pry (0.10.4)
      coderay (~> 1.1.0)
      method_source (~> 0.8.1)
      slop (~> 3.4)
    rspec (3.5.0)
      rspec-core (~> 3.5.0)
      rspec-expectations (~> 3.5.0)
      rspec-mocks (~> 3.5.0)
    rspec-core (3.5.4)
      rspec-support (~> 3.5.0)
    rspec-expectations (3.5.0)
      diff-lcs (>= 1.2.0, < 2.0)
      rspec-support (~> 3.5.0)
    rspec-mocks (3.5.0)
      diff-lcs (>= 1.2.0, < 2.0)
      rspec-support (~> 3.5.0)
    rspec-support (3.5.0)
    slop (3.6.0)
    term-ansicolor (1.6.0)
      tins (~> 1.0)
    tins (1.14.0)

PLATFORMS
  ruby

DEPENDENCIES
  branch_cli!
  pry (> 0)
  rspec (~> 3.5.0)

BUNDLED WITH
   1.14.6
